PATH
  remote: .
  specs:
    jiradwn (0.1.0)

GEM
  remote: https://rubygems.org/
  specs:
    gli (2.8.1)

PLATFORMS
  ruby

DEPENDENCIES
  gli
  jiradwn!
